PATH
  remote: .
  specs:
    konfa (0.4.3)

GEM
  remote: https://rubygems.org/
  specs:
    diff-lcs (1.3)
    rake (12.0.0)
    rspec (3.6.0)
      rspec-core (~> 3.6.0)
      rspec-expectations (~> 3.6.0)
      rspec-mocks (~> 3.6.0)
    rspec-core (3.6.0)
      rspec-support (~> 3.6.0)
    rspec-expectations (3.6.0)
      diff-lcs (>= 1.2.0, < 2.0)
      rspec-support (~> 3.6.0)
    rspec-mocks (3.6.0)
      diff-lcs (>= 1.2.0, < 2.0)
      rspec-support (~> 3.6.0)
    rspec-support (3.6.0)
    ruby_dep (1.3.1)

PLATFORMS
  ruby

DEPENDENCIES
  bundler (~> 1.13)
  konfa!
  rake (~> 12.0)
  rspec (~> 3.6)
  ruby_dep (~> 1.3.1)

BUNDLED WITH
   1.13.7
